PATH
  remote: ../petite
  specs:
    petite (0.1.0)
      rack

GEM
  remote: https://rubygems.org/
  specs:
    rack (1.6.4)

PLATFORMS
  ruby

DEPENDENCIES
  petite!

BUNDLED WITH
   1.11.2
