PATH
  remote: ../petite
  specs:
    petite (0.1.0)
      bundler (~> 1.11)
      rack
      tilt

GEM
  remote: https://rubygems.org/
  specs:
    rack (1.6.4)
    tilt (2.0.2)

PLATFORMS
  ruby

DEPENDENCIES
  petite!

BUNDLED WITH
   1.11.2
