PATH
  remote: ../petite
  specs:
    petite (0.1.0)
      bundler (~> 1.11)
      pry
      pry-nav
      rack
      sqlite3
      tilt (= 1.4.1)

GEM
  remote: https://rubygems.org/
  specs:
    coderay (1.1.0)
    method_source (0.8.2)
    pry (0.10.3)
      coderay (~> 1.1.0)
      method_source (~> 0.8.1)
      slop (~> 3.4)
    pry-nav (0.2.4)
      pry (>= 0.9.10, < 0.11.0)
    rack (1.6.4)
    slop (3.6.0)
    sqlite3 (1.3.11)
    tilt (1.4.1)

PLATFORMS
  ruby

DEPENDENCIES
  petite!
  sqlite3

BUNDLED WITH
   1.11.2
